GEM
  remote: http://rubygems.org/
  specs:
    activemodel (3.1.1)
      activesupport (= 3.1.1)
      builder (~> 3.0.0)
      i18n (~> 0.6)
    activesupport (3.1.1)
      multi_json (~> 1.0)
    ballot_box (0.1.6)
      activemodel
      browser (~> 0.1.2)
    browser (0.1.3)
    builder (3.0.0)
    i18n (0.6.0)
    multi_json (1.0.3)

PLATFORMS
  ruby

DEPENDENCIES
  ballot_box
